GEM
  remote: https://rubygems.org/
  specs:
    addressable (2.5.2)
      public_suffix (>= 2.0.2, < 4.0)
    public_suffix (3.0.0)

PLATFORMS
  ruby

DEPENDENCIES
  addressable

BUNDLED WITH
   1.15.4
