GEM
  remote: https://rubygems.org/
  specs:
    addressable (2.8.6)
      public_suffix (>= 2.0.2, < 6.0)
    public_suffix (5.0.4)

PLATFORMS
  ruby

DEPENDENCIES
  addressable

BUNDLED WITH
   2.4.19
